GEM
  remote: https://rubygems.org/
  specs:
    hoe (3.22.3)
      rake (>= 0.8, < 15.0)
    minitest (5.10.3)
    rake (13.0.3)
    rdoc (5.0.1)
    systemu (2.6.5)

PLATFORMS
  x86_64-linux

DEPENDENCIES
  hoe (~> 3.22.0)
  minitest (~> 5.10.1)
  rdoc (~> 5.0.0)
  systemu (~> 2.6.0)

BUNDLED WITH
   2.2.8
